GEM
  remote: https://rubygems.org/
  specs:
    clicksign (0.0.2)
      rest-client
    coffee-script (2.3.0)
      coffee-script-source
      execjs
    coffee-script-source (1.8.0)
    domain_name (0.5.20180417)
      unf (>= 0.0.5, < 1.0.0)
    execjs (2.2.1)
    haml (5.0.0)
      temple (>= 0.8.0)
      tilt
    http-cookie (1.0.3)
      domain_name (~> 0.5)
    libv8 (3.16.14.7)
    mime-types (2.99.3)
    netrc (0.11.0)
    rack (1.6.10)
    rack-protection (1.5.5)
      rack
    ref (1.0.5)
    rest-client (1.8.0)
      http-cookie (>= 1.0.2, < 2.0)
      mime-types (>= 1.16, < 3.0)
      netrc (~> 0.7)
    sinatra (1.4.5)
      rack (~> 1.4)
      rack-protection (~> 1.4)
      tilt (~> 1.3, >= 1.3.4)
    temple (0.8.2)
    therubyracer (0.12.1)
      libv8 (~> 3.16.14.0)
      ref
    tilt (1.4.1)
    unf (0.1.4)
      unf_ext
    unf_ext (0.0.7.5)

PLATFORMS
  ruby

DEPENDENCIES
  clicksign
  coffee-script (~> 2.3.0)
  haml (~> 5.0.0)
  libv8 (~> 3.16)
  rest-client (~> 1.7)
  sinatra (~> 1.4.5)
  therubyracer (~> 0.12)

RUBY VERSION
   ruby 2.1.4p265

BUNDLED WITH
   1.16.1
